PATH
  remote: .
  specs:
    dns-sniper (0.0.1.pre10)
      activesupport (>= 4.2, < 7.0.3)
      down (~> 5.1)
      hosts_file (~> 1.0)

GEM
  remote: https://rubygems.org/
  specs:
    activesupport (7.0.2.4)
      concurrent-ruby (~> 1.0, >= 1.0.2)
      i18n (>= 1.6, < 2)
      minitest (>= 5.1)
      tzinfo (~> 2.0)
    addressable (2.8.1)
      public_suffix (>= 2.0.2, < 6.0)
    concurrent-ruby (1.1.10)
    down (5.4.0)
      addressable (~> 2.8)
    hosts_file (1.0.3)
    i18n (1.10.0)
      concurrent-ruby (~> 1.0)
    minitest (5.15.0)
    public_suffix (5.0.1)
    tzinfo (2.0.4)
      concurrent-ruby (~> 1.0)

PLATFORMS
  ruby

DEPENDENCIES
  dns-sniper!

BUNDLED WITH
   2.3.7
