PATH
  remote: .
  specs:
    dns-sniper (0.0.1.pre10)
      activesupport (>= 4.2, < 7.0.5)
      down (~> 5.1)
      hosts_file (~> 1.0)

GEM
  remote: https://rubygems.org/
  specs:
    activesupport (7.0.4.3)
      concurrent-ruby (~> 1.0, >= 1.0.2)
      i18n (>= 1.6, < 2)
      minitest (>= 5.1)
      tzinfo (~> 2.0)
    addressable (2.8.0)
      public_suffix (>= 2.0.2, < 5.0)
    concurrent-ruby (1.2.2)
    down (5.3.1)
      addressable (~> 2.8)
    hosts_file (1.0.3)
    i18n (1.12.0)
      concurrent-ruby (~> 1.0)
    minitest (5.18.0)
    public_suffix (4.0.6)
    tzinfo (2.0.6)
      concurrent-ruby (~> 1.0)

PLATFORMS
  ruby

DEPENDENCIES
  dns-sniper!

BUNDLED WITH
   2.3.7
