PATH
  remote: .
  specs:
    sniper (0.0.1)

GEM
  remote: https://rubygems.org/
  specs:
    addressable (2.7.0)
      public_suffix (>= 2.0.2, < 5.0)
    down (5.1.1)
      addressable (~> 2.5)
    hosts_file (1.0.3)
    public_suffix (4.0.5)

PLATFORMS
  ruby

DEPENDENCIES
  bundler (~> 2.1.2)
  down (~> 5.1)
  hosts_file (~> 1.0)
  sniper!

BUNDLED WITH
   2.1.2
